GEM
  remote: http://rubygems.org/
  specs:
    blankslate (2.1.2.4)
    diff-lcs (1.1.3)
    ffi (1.0.11)
    json (1.6.6)
    nokogiri (1.5.2)
    pygments.rb (0.2.11)
      rubypython (~> 0.5.3)
    rack (1.4.1)
    rake (0.9.2.2)
    rdoc (3.12)
      json (~> 1.4)
    rspec (2.9.0)
      rspec-core (~> 2.9.0)
      rspec-expectations (~> 2.9.0)
      rspec-mocks (~> 2.9.0)
    rspec-core (2.9.0)
    rspec-expectations (2.9.1)
      diff-lcs (~> 1.1.3)
    rspec-mocks (2.9.0)
    rubypython (0.5.3)
      blankslate (>= 2.1.2.3)
      ffi (~> 1.0.7)
    watchr (0.7)

PLATFORMS
  ruby

DEPENDENCIES
  bundler (~> 1.1.0)
  nokogiri (~> 1.5.0)
  pygments.rb (~> 0.2.0)
  rack
  rake (~> 0.9.0)
  rdoc (~> 3.12)
  rspec (~> 2.9.0)
  watchr (~> 0.7)
